PATH
  remote: .
  specs:
    twat (0.9.0)
      oauth
      readline-ng (>= 0.0.4)
      twitter

GEM
  remote: http://rubygems.org/
  specs:
    activesupport (3.2.2)
      i18n (~> 0.6)
      multi_json (~> 1.0)
    addressable (2.2.7)
    diff-lcs (1.1.3)
    faraday (0.7.6)
      addressable (~> 2.2)
      multipart-post (~> 1.1)
      rack (~> 1.1)
    i18n (0.6.0)
    metaclass (0.0.1)
    mocha (0.10.5)
      metaclass (~> 0.0.1)
    multi_json (1.1.0)
    multipart-post (1.1.5)
    oauth (0.4.5)
    rack (1.4.1)
    rake (0.9.2.2)
    readline-ng (0.0.5)
    rspec (2.9.0)
      rspec-core (~> 2.9.0)
      rspec-expectations (~> 2.9.0)
      rspec-mocks (~> 2.9.0)
    rspec-core (2.9.0)
    rspec-expectations (2.9.0)
      diff-lcs (~> 1.1.3)
    rspec-mocks (2.9.0)
    simple_oauth (0.1.5)
    twitter (2.1.1)
      activesupport (>= 2.3.9, < 4)
      faraday (~> 0.7)
      multi_json (~> 1.0)
      simple_oauth (~> 0.1)

PLATFORMS
  ruby

DEPENDENCIES
  mocha
  rake
  rspec
  twat!
