PATH
  remote: .
  specs:
    twat (0.9.2)
      oauth
      readline-ng (>= 0.0.8)
      twitter

GEM
  remote: http://rubygems.org/
  specs:
    activesupport (3.2.3)
      i18n (~> 0.6)
      multi_json (~> 1.0)
    diff-lcs (1.1.3)
    faraday (0.8.0)
      multipart-post (~> 1.1)
    i18n (0.6.0)
    metaclass (0.0.1)
    mktemp (0.0.1)
    mocha (0.11.3)
      metaclass (~> 0.0.1)
    multi_json (1.3.5)
    multipart-post (1.1.5)
    oauth (0.4.6)
    rake (0.9.2.2)
    readline-ng (0.0.8)
    rspec (2.9.0)
      rspec-core (~> 2.9.0)
      rspec-expectations (~> 2.9.0)
      rspec-mocks (~> 2.9.0)
    rspec-core (2.9.0)
    rspec-expectations (2.9.1)
      diff-lcs (~> 1.1.3)
    rspec-mocks (2.9.0)
    simple_oauth (0.1.8)
    twitter (2.2.9)
      activesupport (>= 2.3.9, < 4)
      faraday (~> 0.8)
      multi_json (~> 1.3)
      simple_oauth (~> 0.1.6)

PLATFORMS
  ruby

DEPENDENCIES
  mktemp
  mocha
  rake
  rspec
  twat!
