PATH
  remote: .
  specs:
    twat (0.10.0)
      oauth (= 0.4.4)
      readline-ng (>= 0.0.8)
      twitter (~> 3)

GEM
  remote: http://rubygems.org/
  specs:
    diff-lcs (1.1.3)
    faraday (0.8.4)
      multipart-post (~> 1.1)
    metaclass (0.0.1)
    mktemp (0.0.1)
    mocha (0.13.1)
      metaclass (~> 0.0.1)
    multi_json (1.5.0)
    multipart-post (1.1.5)
    oauth (0.4.4)
    rake (10.0.3)
    readline-ng (0.2.0)
    rspec (2.12.0)
      rspec-core (~> 2.12.0)
      rspec-expectations (~> 2.12.0)
      rspec-mocks (~> 2.12.0)
    rspec-core (2.12.2)
    rspec-expectations (2.12.1)
      diff-lcs (~> 1.1.3)
    rspec-mocks (2.12.1)
    simple_oauth (0.1.9)
    twitter (3.8.0)
      faraday (~> 0.8)
      multi_json (~> 1.3)
      simple_oauth (~> 0.1.6)

PLATFORMS
  ruby

DEPENDENCIES
  mktemp
  mocha
  rake
  rspec
  twat!
